GEM
  remote: http://rubygems.org/
  specs:
    bio (1.4.1)
    clbustos-rtf (0.4.2)
    diff-lcs (1.1.2)
    dirty-memoize (0.0.3)
    extendmatrix (0.3.1)
    fastercsv (1.5.3)
    git (1.2.5)
    jeweler (1.5.2)
      bundler (~> 1.0.0)
      git (>= 1.2.5)
      rake
    minimization (0.2.1)
      text-table (~> 1.2)
    prawn (0.8.4)
      prawn-core (>= 0.8.4, < 0.9)
      prawn-layout (>= 0.8.4, < 0.9)
      prawn-security (>= 0.8.4, < 0.9)
    prawn-core (0.8.4)
    prawn-layout (0.8.4)
    prawn-security (0.8.4)
    prawn-svg (0.9.1.10)
      prawn (>= 0.8.4)
      prawn-core (>= 0.8.4)
    rake (0.8.7)
    rcov (0.9.9)
    reportbuilder (1.4.0)
      clbustos-rtf (~> 0.4.0)
      prawn (~> 0.8.4)
      prawn-svg (~> 0.9.1)
      text-table (~> 1.2)
    rserve-client (0.2.5)
    rspec (2.5.0)
      rspec-core (~> 2.5.0)
      rspec-expectations (~> 2.5.0)
      rspec-mocks (~> 2.5.0)
    rspec-core (2.5.2)
    rspec-expectations (2.5.0)
      diff-lcs (~> 1.1.2)
    rspec-mocks (2.5.0)
    ruby-ole (1.2.11.1)
    rubyvis (0.3.6)
    shoulda (2.11.3)
    simplecov (0.4.2)
      simplecov-html (~> 0.4.4)
    simplecov-html (0.4.4)
    spreadsheet (0.6.5.0)
      ruby-ole
    statistics2 (0.54)
    statsample (0.17.0)
      dirty-memoize (~> 0.0)
      extendmatrix (~> 0.3.1)
      fastercsv (> 0)
      minimization (~> 0.2.0)
      reportbuilder (~> 1.4)
      rserve-client (~> 0.2.5)
      rubyvis (~> 0.3.3)
      spreadsheet (~> 0.6.0)
      statsample-bivariate-extension (> 0)
    statsample-bivariate-extension (0.16.1)
    text-table (1.2.2)

PLATFORMS
  ruby

DEPENDENCIES
  bio (>= 1.4.1)
  bundler (~> 1.0.0)
  jeweler (~> 1.5.2)
  rcov
  rspec
  shoulda
  simplecov (>= 0.4.0)
  statistics2
  statsample
